GIT
  remote: git://github.com/ai/evil-front.git
  revision: a8ab879dbf796578588cbf265feaa19a4c9cdabc
  specs:
    evil-front (0.1)
      autoprefixer-rails (>= 0.5)
      coffee-script (>= 2.2.0)
      csso-rails (>= 0.3)
      evil-blocks-rails (>= 0.2)
      jquery-cdn (>= 1)
      nokogiri (>= 1)
      rails-sass-images (>= 0.3)
      sass (>= 3.2.9)
      slim (>= 1.3.9)
      sprockets (>= 1)
      standalone_typograf (>= 2)
      uglifier (>= 2.1.1)
      unicode_utils (>= 1.4)

GEM
  remote: https://rubygems.org/
  specs:
    autoprefixer-rails (0.8.20131009)
      execjs
    coffee-script (2.2.0)
      coffee-script-source
      execjs
    coffee-script-source (1.6.3)
    csso-rails (0.3.2)
      execjs (>= 1)
    dimensions (1.2.0)
    evil-blocks-rails (0.4.2)
      sprockets (>= 2)
    execjs (2.0.2)
    hike (1.2.3)
    jquery-cdn (2.0.3)
      sprockets (>= 2)
    libv8 (3.16.14.3)
    mime-types (1.25)
    mini_portile (0.5.1)
    multi_json (1.8.1)
    nokogiri (1.6.0)
      mini_portile (~> 0.5.0)
    rack (1.5.2)
    rack-protection (1.5.0)
      rack
    rails-sass-images (0.3)
      dimensions (> 0)
      mime-types (> 0)
      sass (> 0)
      sprockets (> 0)
    rake (10.1.0)
    ref (1.0.5)
    sass (3.2.12)
    sinatra (1.4.3)
      rack (~> 1.4)
      rack-protection (~> 1.4)
      tilt (~> 1.3, >= 1.3.4)
    slim (2.0.1)
      temple (~> 0.6.6)
      tilt (>= 1.3.3, < 2.1)
    sprockets (2.10.0)
      hike (~> 1.2)
      multi_json (~> 1.0)
      rack (~> 1.0)
      tilt (~> 1.1, != 1.3.0)
    standalone_typograf (2.0.2)
    temple (0.6.7)
    therubyracer (0.12.0)
      libv8 (~> 3.16.14.0)
      ref
    tilt (1.4.1)
    uglifier (2.2.1)
      execjs (>= 0.3.0)
      multi_json (~> 1.0, >= 1.0.2)
    unicode_utils (1.4.0)

PLATFORMS
  ruby

DEPENDENCIES
  evil-front!
  rake
  sinatra
  therubyracer
